GEM
  remote: https://rubygems.org/
  specs:
    CFPropertyList (2.2.8)
    concurrent-ruby (1.1.8)
    deep_merge (1.2.1)
    diff-lcs (1.2.5)
    domain_name (0.5.20160310)
      unf (>= 0.0.5, < 1.0.0)
    facter (2.4.6)
      CFPropertyList (~> 2.2.6)
    fast_gettext (1.8.0)
    hiera (3.7.0)
    hocon (1.3.1)
    http-cookie (1.0.2)
      domain_name (~> 0.5)
    httpclient (2.8.3)
    json (2.3.1)
    locale (2.1.3)
    metaclass (0.0.4)
    metadata-json-lint (0.0.11)
      json
      spdx-licenses (~> 1.0)
    mime-types (2.99.1)
    mocha (1.1.0)
      metaclass (~> 0.0.1)
    multi_json (1.15.0)
    netrc (0.11.0)
    puppet (6.13.0)
      concurrent-ruby (~> 1.0)
      deep_merge (~> 1.0)
      facter (> 2.0.1, < 5)
      fast_gettext (~> 1.1)
      hiera (>= 3.2.1, < 4)
      httpclient (~> 2.8)
      locale (~> 2.1)
      multi_json (~> 1.10)
      puppet-resource_api (~> 1.5)
      semantic_puppet (~> 1.0)
    puppet-blacksmith (3.3.1)
      puppet (>= 2.7.16)
      rest-client
    puppet-lint (1.1.0)
    puppet-resource_api (1.8.13)
      hocon (>= 1.0)
    puppet-syntax (2.1.0)
      rake
    puppetlabs_spec_helper (1.1.1)
      mocha
      puppet-lint
      puppet-syntax
      rake
      rspec-puppet
    rake (13.0.1)
    rest-client (1.8.0)
      http-cookie (>= 1.0.2, < 2.0)
      mime-types (>= 1.16, < 3.0)
      netrc (~> 0.7)
    rspec (3.4.0)
      rspec-core (~> 3.4.0)
      rspec-expectations (~> 3.4.0)
      rspec-mocks (~> 3.4.0)
    rspec-core (3.4.4)
      rspec-support (~> 3.4.0)
    rspec-expectations (3.4.0)
      diff-lcs (>= 1.2.0, < 2.0)
      rspec-support (~> 3.4.0)
    rspec-mocks (3.4.1)
      diff-lcs (>= 1.2.0, < 2.0)
      rspec-support (~> 3.4.0)
    rspec-puppet (2.4.0)
      rspec
    rspec-support (3.4.1)
    semantic_puppet (1.0.3)
    spdx-licenses (1.1.0)
    unf (0.1.4)
      unf_ext
    unf_ext (0.0.7.2)

PLATFORMS
  ruby

DEPENDENCIES
  facter (>= 1.7.0)
  metadata-json-lint
  puppet (>= 3.3)
  puppet-blacksmith (~> 3.3.1)
  puppet-lint (>= 1.0.0)
  puppetlabs_spec_helper (>= 1.0.0)
  rspec-puppet

BUNDLED WITH
   1.11.2
